PATH
  remote: .
  specs:
    sinatra-assetpack (0.2.5)
      jsmin
      rack-test
      sinatra
      tilt (>= 1.3.0)

GEM
  remote: https://rubygems.org/
  specs:
    POpen4 (0.1.4)
      Platform (>= 0.4.0)
      open4
    Platform (0.4.0)
    awesome_print (1.1.0)
    coffee-script (2.2.0)
      coffee-script-source
      execjs
    coffee-script-source (1.6.1)
    columnize (0.3.6)
    commonjs (0.2.6)
    contest (0.1.3)
    debugger (1.6.0)
      columnize (>= 0.3.1)
      debugger-linecache (~> 1.2.0)
      debugger-ruby_core_source (~> 1.2.1)
    debugger-linecache (1.2.0)
    debugger-ruby_core_source (1.2.2)
    execjs (1.4.0)
      multi_json (~> 1.0)
    gem-release (0.6.0)
    haml (4.0.0)
      tilt
    jsmin (1.0.1)
    less (2.3.1)
      commonjs (~> 0.2.6)
    metaclass (0.0.1)
    mocha (0.13.3)
      metaclass (~> 0.0.1)
    multi_json (1.7.0)
    open4 (1.3.0)
    rack (1.5.2)
    rack-protection (1.5.0)
      rack
    rack-test (0.6.2)
      rack (>= 1.0)
    rake (10.0.3)
    sass (3.2.7)
    sinatra (1.4.3)
      rack (~> 1.4)
      rack-protection (~> 1.4)
      tilt (~> 1.3, >= 1.3.4)
    stylus (0.7.1)
      execjs
      stylus-source
    stylus-source (0.31.0)
    tilt (1.3.5)
    uglifier (1.3.0)
      execjs (>= 0.3.0)
      multi_json (~> 1.0, >= 1.0.2)
    yui-compressor (0.9.6)
      POpen4 (>= 0.1.4)

PLATFORMS
  java
  ruby

DEPENDENCIES
  awesome_print
  coffee-script
  contest
  debugger
  gem-release
  haml
  less
  mocha
  rake
  sass
  sinatra-assetpack!
  stylus
  uglifier
  yui-compressor
